PATH
  remote: .
  specs:
    unionpay_app (0.1.0)

GEM
  remote: https://rubygems.org/
  specs:
    ethon (0.7.3)
      ffi (>= 1.3.0)
    fakeweb (1.3.0)
    ffi (1.9.8)
    rake (10.4.2)
    typhoeus (0.6.9)
      ethon (>= 0.7.1)

PLATFORMS
  ruby

DEPENDENCIES
  bundler (~> 1.3)
  fakeweb
  rake
  typhoeus (~> 0.6.9)
  unionpay_app!
